PATH
  remote: .
  specs:
    fdlint (0.2.0.pre)
      colored (~> 1.2)
      gli (~> 2.9.0)
      string_utf8 (~> 0.1.1)

GEM
  remote: https://rubygems.org/
  specs:
    colored (1.2)
    gli (2.9.0)
    rake (0.9.2.2)
    string_utf8 (0.1.1)
    test-unit (2.4.8)

PLATFORMS
  ruby

DEPENDENCIES
  bundler
  fdlint!
  rake (~> 0.9.2.2)
  test-unit
